PATH
  remote: .
  specs:
    constructor (0.0.1)
      bundler (~> 1.0.3)
      erubis (~> 2.6.6)

GEM
  remote: http://rubygems.org/
  specs:
    abstract (1.0.0)
    diff-lcs (1.1.2)
    erubis (2.6.6)
      abstract (>= 1.0.0)
    rspec (2.0.1)
      rspec-core (~> 2.0.1)
      rspec-expectations (~> 2.0.1)
      rspec-mocks (~> 2.0.1)
    rspec-core (2.0.1)
    rspec-expectations (2.0.1)
      diff-lcs (>= 1.1.2)
    rspec-mocks (2.0.1)
      rspec-core (~> 2.0.1)
      rspec-expectations (~> 2.0.1)

PLATFORMS
  ruby

DEPENDENCIES
  bundler (~> 1.0.3)
  constructor!
  erubis (~> 2.6.6)
  rspec (~> 2.0.1)
